GEM
  remote: http://rubygems.org/
  specs:
    activesupport (3.1.3)
      multi_json (~> 1.0)
    chunky_png (1.2.5)
    compass (0.11.5)
      chunky_png (~> 1.2)
      fssm (>= 0.2.7)
      sass (~> 3.1)
    fssm (0.2.7)
    i18n (0.6.0)
    multi_json (1.0.4)
    rack (1.3.5)
    rack-test (0.6.1)
      rack (>= 1.0)
    sass (3.1.11)
    serve (1.5.1)
      activesupport (~> 3.0)
      i18n
      rack (~> 1.2)
      rack-test (~> 0.5)
      tilt (~> 1.3)
      tzinfo
    slim (1.0.4)
      temple (~> 0.3.4)
      tilt (~> 1.3.2)
    temple (0.3.4)
    tilt (1.3.3)
    tzinfo (0.3.31)

PLATFORMS
  ruby
  x86-mingw32

DEPENDENCIES
  compass
  serve
  slim
